GEM
  remote: http://rubygems.org/
  specs:
    absolute_time (1.0.0)
    builder (3.2.3)
    fastimage (2.1.0)
    mini_portile2 (2.3.0)
    nokogiri (1.8.1)
      mini_portile2 (~> 2.3.0)
    open4 (1.3.4)
    redis (4.0.1)
    rubyzip (1.2.1)
    trollop (2.1.2)

PLATFORMS
  ruby

DEPENDENCIES
  absolute_time
  builder
  fastimage
  nokogiri
  open4
  redis
  rubyzip
  trollop

BUNDLED WITH
   1.13.7
